NUGET
  remote: https://nuget.org/api/v2
  specs:
    FAKE (4.8.0)
    Microsoft.Owin (3.0.1)
      Owin (>= 1.0)
    Microsoft.Owin.Host.HttpListener (3.0.1)
    Microsoft.Owin.Hosting (3.0.1)
      Microsoft.Owin (>= 3.0.1)
      Owin (>= 1.0)
    Microsoft.Owin.Testing (3.0.1)
      Microsoft.Owin.Hosting (>= 3.0.1)
      Owin (>= 1.0)
    NUnit (2.6.4)
    NUnit.Runners (2.6.4)
    Owin (1.0.0)
